PATH
  remote: .
  specs:
    sudoku-solver (0.0.1)

GEM
  specs:

PLATFORMS
  ruby

DEPENDENCIES
  sudoku-solver (= 0.0.1)!

BUNDLED WITH
   1.17.3
