GEM
  remote: https://rubygems.org/
  specs:
    rice (2.1.3)

PLATFORMS
  ruby

DEPENDENCIES
  rice

BUNDLED WITH
   1.17.3
